GIT
  remote: https://github.com/nervosnetwork/ckb-sdk-ruby.git
  revision: 7b8d0100e91eb7872a769437bb9bc3ac9dc10de9
  specs:
    ckb-sdk-ruby (0.37.0)
      bitcoin-secp256k1 (~> 0.5.2)
      net-http-persistent (~> 3.1.0)
      rbnacl (~> 7.1.1)

GEM
  specs:
    bitcoin-secp256k1 (0.5.2)
      ffi (>= 1.9.25)
    bson (4.9.2)
    connection_pool (2.2.2)
    ffi (1.12.2)
    mongo (2.12.1)
      bson (>= 4.8.2, < 5.0.0)
    net-http-persistent (3.1.0)
      connection_pool (~> 2.2)
    rbnacl (7.1.1)
      ffi
    thor (1.0.1)

PLATFORMS
  ruby

DEPENDENCIES
  ckb-sdk-ruby!
  mongo (~> 2.4)
  thor

BUNDLED WITH
   2.1.4
